GEM
  remote: https://rubygems.org/
  specs:
    RedCloth (4.2.9)
    activesupport (2.3.18)
    easy_imap (0.0.4)
      hoe (>= 1.8.0)
      newgem (>= 1.2.3)
      tmail (>= 1.2.3.1)
    highline (1.6.21)
    hoe (3.12.0)
      rake (>= 0.8, < 11.0)
    newgem (1.5.3)
      RedCloth (>= 4.1.1)
      activesupport (~> 2.3.4)
      hoe (>= 2.4.0)
      rubigen (>= 1.5.3)
      syntax (>= 1.0.0)
    rake (10.3.2)
    rubigen (1.5.8)
      activesupport (>= 2.3.5, < 3.2.0)
    syntax (1.2.0)
    tmail (1.2.7.1)
    yajl-ruby (1.2.1)

PLATFORMS
  ruby

DEPENDENCIES
  easy_imap
  highline
  yajl-ruby
