GEM
  remote: https://rubygems.org/
  specs:
    highline (1.7.10)
    mail (2.7.0)
      mini_mime (>= 0.1.1)
    mini_mime (1.0.0)
    yajl-ruby (1.3.1)

PLATFORMS
  ruby

DEPENDENCIES
  highline
  mail
  yajl-ruby

BUNDLED WITH
   1.16.0
