GEM
  remote: https://rubygems.org/
  specs:
    highline (1.6.21)
    mail (2.6.1)
      mime-types (>= 1.16, < 3)
    mime-types (2.3)
    yajl-ruby (1.2.1)

PLATFORMS
  ruby

DEPENDENCIES
  highline
  mail
  yajl-ruby
